GIT
  remote: https://github.com/sporkrb/spork.git
  revision: a94412c9493a07b7a000e35777b0f76b94de9061
  specs:
    spork (1.0.0rc4)

GEM
  remote: http://rubygems.org/
  specs:
    actionmailer (3.2.22.1)
      actionpack (= 3.2.22.1)
      mail (~> 2.5.4)
    actionpack (3.2.22.1)
      activemodel (= 3.2.22.1)
      activesupport (= 3.2.22.1)
      builder (~> 3.0.0)
      erubis (~> 2.7.0)
      journey (~> 1.0.4)
      rack (~> 1.4.5)
      rack-cache (~> 1.2)
      rack-test (~> 0.6.1)
      sprockets (~> 2.2.1)
    activemodel (3.2.22.1)
      activesupport (= 3.2.22.1)
      builder (~> 3.0.0)
    activerecord (3.2.22.1)
      activemodel (= 3.2.22.1)
      activesupport (= 3.2.22.1)
      arel (~> 3.0.2)
      tzinfo (~> 0.3.29)
    activerecord-jdbc-adapter (1.3.19)
      activerecord (>= 2.2)
    activerecord-jdbcsqlite3-adapter (1.3.19)
      activerecord-jdbc-adapter (~> 1.3.19)
      jdbc-sqlite3 (>= 3.7.2, < 3.9)
    activeresource (3.2.22.1)
      activemodel (= 3.2.22.1)
      activesupport (= 3.2.22.1)
    activesupport (3.2.22.1)
      i18n (~> 0.6, >= 0.6.4)
      multi_json (~> 1.0)
    arel (3.0.3)
    axiom-types (0.1.1)
      descendants_tracker (~> 0.0.4)
      ice_nine (~> 0.11.0)
      thread_safe (~> 0.3, >= 0.3.1)
    blankslate (2.1.2.4)
    builder (3.0.4)
    camertron-eprun (1.1.0)
    capistrano (2.15.5)
      highline
      net-scp (>= 1.0.0)
      net-sftp (>= 2.0.0)
      net-ssh (>= 2.0.14)
      net-ssh-gateway (>= 1.1.0)
    cashier (0.4.1)
    coderay (1.1.0)
    coercible (1.0.0)
      descendants_tracker (~> 0.0.1)
    dalli (2.2.1)
    descendants_tracker (0.0.4)
      thread_safe (~> 0.3, >= 0.3.1)
    diff-lcs (1.2.5)
    edn (1.0.0)
      parslet (~> 1.4.0)
    equalizer (0.0.9)
    erubis (2.7.0)
    factory_girl (3.5.0)
      activesupport (>= 3.0.0)
    factory_girl_rails (3.5.0)
      factory_girl (~> 3.5.0)
      railties (>= 3.0.0)
    ffi (1.9.3-java)
    geokit (1.6.0)
    highline (1.7.2)
    hike (1.2.3)
    httparty (0.12.0)
      json (~> 1.8)
      multi_xml (>= 0.5.2)
    i18n (0.6.11)
    ice_nine (0.11.0)
    ignorable (0.2.0)
      activerecord (>= 3)
    jbuilder (1.4.2)
      activesupport (>= 3.0.0)
      multi_json (>= 1.2.0)
    jdbc-sqlite3 (3.8.11.2)
    journey (1.0.4)
    json (1.8.3-java)
    mail (2.5.4)
      mime-types (~> 1.16)
      treetop (~> 1.4.8)
    method_source (0.8.2)
    mime-types (1.25.1)
    multi_json (1.11.2)
    multi_xml (0.5.5)
    net-scp (1.2.1)
      net-ssh (>= 2.6.5)
    net-sftp (2.1.2)
      net-ssh (>= 2.6.5)
    net-ssh (2.9.2)
    net-ssh-gateway (1.2.0)
      net-ssh (>= 2.6.5)
    newrelic_rpm (3.6.4.122)
    paraphrase (0.6.1)
      activerecord (~> 3.0)
      activesupport (~> 3.0)
    parslet (1.4.0)
      blankslate (~> 2.0)
    polyamorous (0.5.0)
      activerecord (~> 3.0)
    polyglot (0.3.5)
    pry (0.9.12.6-java)
      coderay (~> 1.0)
      method_source (~> 0.8)
      slop (~> 3.4)
      spoon (~> 0.0)
    pry-rails (0.3.1)
      pry (>= 0.9.10)
    rack (1.4.7)
    rack-cache (1.5.1)
      rack (>= 0.4)
    rack-ssl (1.3.4)
      rack
    rack-test (0.6.3)
      rack (>= 1.0)
    rails (3.2.22.1)
      actionmailer (= 3.2.22.1)
      actionpack (= 3.2.22.1)
      activerecord (= 3.2.22.1)
      activeresource (= 3.2.22.1)
      activesupport (= 3.2.22.1)
      bundler (~> 1.0)
      railties (= 3.2.22.1)
    rails-i18n (0.7.3)
      i18n (~> 0.5)
    railties (3.2.22.1)
      actionpack (= 3.2.22.1)
      activesupport (= 3.2.22.1)
      rack-ssl (~> 1.3.2)
      rake (>= 0.8.7)
      rdoc (~> 3.4)
      thor (>= 0.14.6, < 2.0)
    rake (10.5.0)
    rdoc (3.12.2)
      json (~> 1.4)
    request_store (1.1.0)
    rspec (2.13.0)
      rspec-core (~> 2.13.0)
      rspec-expectations (~> 2.13.0)
      rspec-mocks (~> 2.13.0)
    rspec-core (2.13.1)
    rspec-expectations (2.13.0)
      diff-lcs (>= 1.1.3, < 2.0)
    rspec-mocks (2.13.1)
    rspec-rails (2.13.2)
      actionpack (>= 3.0)
      activesupport (>= 3.0)
      railties (>= 3.0)
      rspec-core (~> 2.13.0)
      rspec-expectations (~> 2.13.0)
      rspec-mocks (~> 2.13.0)
    rspec_junit_formatter (0.2.0)
      builder (< 4)
      rspec (>= 2, < 4)
      rspec-core (!= 2.12.0)
    simplecov (0.7.1)
      multi_json (~> 1.0)
      simplecov-html (~> 0.7.1)
    simplecov-html (0.7.1)
    simplecov-rcov (0.2.3)
      simplecov (>= 0.4.1)
    slop (3.4.7)
    spoon (0.0.4)
      ffi
    sprockets (2.2.3)
      hike (~> 1.2)
      multi_json (~> 1.0)
      rack (~> 1.0)
      tilt (~> 1.1, != 1.3.0)
    squeel (1.0.0)
      activerecord (~> 3.0)
      activesupport (~> 3.0)
      polyamorous (~> 0.5.0)
    text (1.3.0)
    thor (0.19.1)
    thread_safe (0.3.4-java)
    tilt (1.4.1)
    torquebox (2.3.2)
      thor (>= 0.14.6)
      torquebox-cache (= 2.3.2)
      torquebox-configure (= 2.3.2)
      torquebox-core (= 2.3.2)
      torquebox-messaging (= 2.3.2)
      torquebox-naming (= 2.3.2)
      torquebox-rake-support (= 2.3.2)
      torquebox-security (= 2.3.2)
      torquebox-stomp (= 2.3.2)
      torquebox-transactions (= 2.3.2)
      torquebox-web (= 2.3.2)
    torquebox-cache (2.3.2-java)
      torquebox-core (= 2.3.2)
      torquebox-transactions (= 2.3.2)
    torquebox-capistrano-support (2.3.2)
    torquebox-configure (2.3.2-java)
      blankslate (= 2.1.2.4)
    torquebox-core (2.3.2-java)
    torquebox-messaging (2.3.2-java)
      edn (= 1.0.0)
      torquebox-core (= 2.3.2)
      torquebox-transactions (= 2.3.2)
    torquebox-naming (2.3.2-java)
    torquebox-rake-support (2.3.2)
      rake (>= 0.8.7)
    torquebox-security (2.3.2-java)
      torquebox-core (= 2.3.2)
    torquebox-stomp (2.3.2)
      torquebox-core (= 2.3.2)
      torquebox-messaging (= 2.3.2)
    torquebox-transactions (2.3.2)
      torquebox-core (= 2.3.2)
    torquebox-web (2.3.2-java)
    treetop (1.4.15)
      polyglot
      polyglot (>= 0.3.1)
    twitter_cldr (3.0.3)
      camertron-eprun
      json
      tzinfo
    tzinfo (0.3.46)
    virtus (1.0.3)
      axiom-types (~> 0.1)
      coercible (~> 1.0)
      descendants_tracker (~> 0.0, >= 0.0.3)
      equalizer (~> 0.0, >= 0.0.9)

PLATFORMS
  java

DEPENDENCIES
  activerecord-jdbcsqlite3-adapter
  capistrano (= 2.15.5)
  cashier (= 0.4.1)
  dalli (= 2.2.1)
  factory_girl_rails (= 3.5)
  geokit (= 1.6)
  httparty (= 0.12.0)
  i18n (= 0.6.11)
  ignorable
  jbuilder (= 1.4.2)
  newrelic_rpm (= 3.6.4.122)
  paraphrase (= 0.6.1)
  pry-rails (= 0.3.1)
  rails (= 3.2.22.1)
  rails-i18n (= 0.7.3)
  request_store
  rspec-rails (= 2.13.2)
  rspec_junit_formatter
  simplecov (= 0.7.1)
  simplecov-rcov (= 0.2.3)
  spork!
  squeel (= 1.0)
  text
  torquebox (~> 2.3.2)
  torquebox-cache (= 2.3.2)
  torquebox-capistrano-support (= 2.3.2)
  torquebox-rake-support (= 2.3.2)
  twitter_cldr
  virtus

BUNDLED WITH
   1.11.2
